{
  "AcquisitionMatrixPE": 128,
  "AcquisitionNumber": 1,
  "AcquisitionTime": "11:28:54.997500",
  "BandwidthPerPixelPhaseEncode": 36.058,
  "BaseResolution": 128,
  "BodyPartExamined": "BRAIN",
  "CoilCombinationMethod": "Sum of Squares",
  "CoilString": "MGH_63ch",
  "ConversionSoftware": "dcm2niix",
  "ConversionSoftwareVersion": "v1.0.20220505",
  "DerivedVendorReportedEchoSpacing": 0.000649994,
  "DeviceSerialNumber": "237208",
  "EchoTime": 0.022,
  "EchoTrainLength": 43,
  "EffectiveEchoSpacing": 0.000216665,
  "FlipAngle": 60,
  "HeudiconvVersion": "1.1.6",
  "ImageComments": "Not for diagnostic use, Unaliased MB4/PE4/LB",
  "ImageOrientationPatientDICOM": [0.999855, 0.01389, 0.00988595, -0.0132633, 0.998059, -0.060853],
  "ImageType": [
    "ORIGINAL",
    "PRIMARY",
    "FMRI",
    "NONE"
],
  "ImagingFrequency": 297.137,
  "InPlanePhaseEncodingDirectionDICOM": "COL",
  "InstitutionAddress": "13th Street 149,Charlestown,MA,US,02129",
  "InstitutionName": "MGH Terra X-Bay2",
  "MRAcquisitionType": "2D",
  "MTState": false,
  "MagneticFieldStrength": 7,
  "Manufacturer": "Siemens",
  "ManufacturersModelName": "MAGNETOM Terra.X",
  "MatrixCoilMode": "GRAPPA",
  "Modality": "MR",
  "ParallelAcquisitionTechnique": "GRAPPA",
  "ParallelReductionFactorInPlane": 3,
  "PartialFourier": 1,
  "PatientPosition": "HFS",
  "PercentPhaseFOV": 100,
  "PercentSampling": 100,
  "PhaseEncodingDirection": "j-",
  "PhaseResolution": 1,
  "PixelBandwidth": 1953,
  "ProcedureStepDescription": "VANELZAKKER CCI_10_05_2024 Roberta_New_System_03_2026",
  "ProtocolName": "BlockStim_ep2d_bold_1p5mm_iso_R3_SMS4_5x5",
  "PulseSequenceDetails": "%CustomerSeq%\\cmrr_mbep2d_bold",
  "ReceiveCoilActiveElements": "AC",
  "ReceiveCoilName": "MGH_63ch",
  "ReconMatrixPE": 128,
  "RefLinesPE": 114,
  "RepetitionTime": 1.19,
  "ScanningSequence": "EP",
  "SequenceVariant": "SK\\SP",
  "SeriesDescription": "BlockStim_ep2d_bold_1p5mm_iso_R3_SMS4_5x5",
  "SeriesNumber": 14,
  "ShimSetting": [2289, -4207, -2058, 206, -12, 441, 514, -2],
  "SliceThickness": 1.5,
  "SliceTiming": [0, 0.61, 0.05, 0.6625, 0.1025, 0.7125, 0.1525, 0.7625, 0.2025, 0.815, 0.255, 0.865, 0.305, 0.915, 0.355, 0.9675, 0.4075, 1.0175, 0.4575, 1.0675, 0.5075, 1.12, 0.56, 0, 0.61, 0.05, 0.6625, 0.1025, 0.7125, 0.1525, 0.7625, 0.2025, 0.815, 0.255, 0.865, 0.305, 0.915, 0.355, 0.9675, 0.4075, 1.0175, 0.4575, 1.0675, 0.5075, 1.12, 0.56, 0, 0.61, 0.05, 0.6625, 0.1025, 0.7125, 0.1525, 0.7625, 0.2025, 0.815, 0.255, 0.865, 0.305, 0.915, 0.355, 0.9675, 0.4075, 1.0175, 0.4575, 1.0675, 0.5075, 1.12, 0.56, 0, 0.61, 0.05, 0.6625, 0.1025, 0.7125, 0.1525, 0.7625, 0.2025, 0.815, 0.255, 0.865, 0.305, 0.915, 0.355, 0.9675, 0.4075, 1.0175, 0.4575, 1.0675, 0.5075, 1.12, 0.56],
  "SoftwareVersions": "syngo MR XA60",
  "SpacingBetweenSlices": 1.5,
  "StationName": "BAY2OC",
  "TaskName": "BlockStim",
  "TotalReadoutTime": 0.0275164,
  "TxRefAmp": 466.984,
  "WipMemBlock": "35e110bc-de64-4024-9074-ddfd0cad2799||Sequence: R017 nxva60a/main r/452845729; Apr 24 2025 10:56:00 by eja"
}