{
  "AcquisitionMatrixPE": 128,
  "AcquisitionNumber": 1,
  "AcquisitionTime": "14:52:43.492500",
  "BandwidthPerPixelPhaseEncode": 36.621,
  "BaseResolution": 128,
  "BodyPartExamined": "BRAIN",
  "CoilCombinationMethod": "Sum of Squares",
  "ConsistencyInfo": "N4_VE12U_LATEST_20181126",
  "ConversionSoftware": "dcm2niix",
  "ConversionSoftwareVersion": "v1.0.20220505",
  "DerivedVendorReportedEchoSpacing": 0.000640002,
  "DeviceSerialNumber": "79121",
  "DwellTime": 2.1e-06,
  "EchoTime": 0.022,
  "EchoTrainLength": 43,
  "EffectiveEchoSpacing": 0.000213334,
  "FlipAngle": 60,
  "HeudiconvVersion": "1.1.6",
  "ImageOrientationPatientDICOM": [0.999285, 0.0332933, -0.0179029, -0.0294835, 0.982843, 0.182075],
  "ImageOrientationText": "Tra>Cor(10.5)>Sag(-1.4)",
  "ImageType": [
    "ORIGINAL",
    "PRIMARY",
    "M",
    "ND",
    "MOSAIC"
],
  "ImagingFrequency": 297.189,
  "InPlanePhaseEncodingDirectionDICOM": "COL",
  "InstitutionAddress": "13th St 149,Charlestown,MA,US,02129",
  "InstitutionName": "Martinos Center 7T Terra",
  "InstitutionalDepartmentName": "Martinos Center",
  "MRAcquisitionType": "2D",
  "MagneticFieldStrength": 7,
  "Manufacturer": "Siemens",
  "ManufacturersModelName": "Terra",
  "Modality": "MR",
  "MultibandAccelerationFactor": 4,
  "ParallelReductionFactorInPlane": 3,
  "PartialFourier": 1,
  "PatientPosition": "HFS",
  "PercentPhaseFOV": 100,
  "PercentSampling": 100,
  "PhaseEncodingDirection": "j-",
  "PhaseEncodingSteps": 128,
  "PhaseResolution": 1,
  "PixelBandwidth": 1860,
  "ProcedureStepDescription": "VANELZAKKER^CCJ pilot",
  "ProtocolName": "ContinuousStim_ep2d_bold_1p5mm_iso_R3_SMS4_5x5",
  "PulseSequenceDetails": "%CustomerSeq%\\ep2d_bold_sms_mgh_v1p2",
  "ReceiveCoilActiveElements": "701-732;H12-18,21-28,31-38,41-48",
  "ReceiveCoilName": "MGHTerra63ChBA",
  "ReconMatrixPE": 128,
  "RefLinesPE": 48,
  "RepetitionTime": 1.19,
  "SAR": 0.214013,
  "ScanOptions": "FS",
  "ScanningSequence": "EP",
  "SequenceName": "epbMp122d1_128",
  "SequenceVariant": "SK",
  "SeriesDescription": "ContinuousStim_ep2d_bold_1p5mm_iso_R3_SMS4_5x5",
  "SeriesNumber": 12,
  "ShimSetting": [3700, -6819, -3256, 1158, 113, 729, 767, -89],
  "SliceThickness": 1.5,
  "SliceTiming": [0.57, 0, 0.6225, 0.0525, 0.6725, 0.105, 0.725, 0.1575, 0.7775, 0.2075, 0.83, 0.26, 0.88, 0.3125, 0.9325, 0.3625, 0.985, 0.415, 1.035, 0.4675, 1.0875, 0.5175, 1.14, 0.57, 0, 0.6225, 0.0525, 0.6725, 0.105, 0.725, 0.1575, 0.7775, 0.2075, 0.83, 0.26, 0.88, 0.3125, 0.9325, 0.3625, 0.985, 0.415, 1.035, 0.4675, 1.0875, 0.5175, 1.14, 0.57, 0, 0.6225, 0.0525, 0.6725, 0.105, 0.725, 0.1575, 0.7775, 0.2075, 0.83, 0.26, 0.88, 0.3125, 0.9325, 0.3625, 0.985, 0.415, 1.035, 0.4675, 1.0875, 0.5175, 1.14, 0.57, 0, 0.6225, 0.0525, 0.6725, 0.105, 0.725, 0.1575, 0.7775, 0.2075, 0.83, 0.26, 0.88, 0.3125, 0.9325, 0.3625, 0.985, 0.415, 1.035, 0.4675, 1.0875, 0.5175, 1.14],
  "SoftwareVersions": "syngo MR E12",
  "SpacingBetweenSlices": 1.5,
  "StationName": "BAY2OC",
  "TaskName": "ContinuousStim",
  "TotalReadoutTime": 0.0270934,
  "TxRefAmp": 355.936,
  "WipMemBlock": "d9f2a540-742d-44b8-a1b2-6d8fa74e1068"
}